GEM
  remote: https://rubygems.org/
  specs:
    httpclient (2.6.0.1)
    multi_json (1.11.2)
    pusher (0.14.5)
      httpclient (~> 2.5)
      multi_json (~> 1.0)
      signature (~> 0.1.8)
    signature (0.1.8)

PLATFORMS
  ruby

DEPENDENCIES
  pusher
