GEM
  remote: https://rubygems.org/
  specs:
    event_emitter (0.2.5)
    httparty (0.13.5)
      json (~> 1.8)
      multi_xml (>= 0.5.2)
    httpclient (2.6.0.1)
    json (1.8.3)
    multi_json (1.11.2)
    multi_xml (0.5.5)
    pusher (0.14.5)
      httpclient (~> 2.5)
      multi_json (~> 1.0)
      signature (~> 0.1.8)
    signature (0.1.8)
    socket.io-client-simple (1.1.3)
      event_emitter
      httparty
      json
      websocket-client-simple (>= 0.2.1)
    websocket (1.2.2)
    websocket-client-simple (0.2.2)
      event_emitter
      websocket

PLATFORMS
  ruby

DEPENDENCIES
  pusher
  socket.io-client-simple
